PATH
  remote: .
  specs:
    batbugger (1.1.0)
      json

GEM
  remote: https://rubygems.org/
  specs:
    json (1.7.7)
    rake (10.0.3)

PLATFORMS
  ruby

DEPENDENCIES
  batbugger!
  bundler (~> 1.3)
  rake
