PATH
  remote: .
  specs:
    batbugger (0.0.1)
      json

GEM
  remote: http://rubygems.org/
  specs:
    json (1.7.7)
    rake (10.0.3)

PLATFORMS
  ruby

DEPENDENCIES
  batbugger!
  bundler (~> 1.3)
  rake
